GEM
  remote: https://rubygems.org/
  specs:
    diff-lcs (1.2.5)
    insist (1.0.0)
    jruby-openssl (0.9.6-java)
    rspec (3.2.0)
      rspec-core (~> 3.2.0)
      rspec-expectations (~> 3.2.0)
      rspec-mocks (~> 3.2.0)
    rspec-core (3.2.0)
      rspec-support (~> 3.2.0)
    rspec-expectations (3.2.0)
      diff-lcs (>= 1.2.0, < 2.0)
      rspec-support (~> 3.2.0)
    rspec-mocks (3.2.0)
      diff-lcs (>= 1.2.0, < 2.0)
      rspec-support (~> 3.2.0)
    rspec-support (3.2.1)
    stud (0.0.19)

PLATFORMS
  java
  ruby

DEPENDENCIES
  insist
  jruby-openssl
  rspec
  stud
