PATH
  remote: .
  specs:
    jls-lumberjack (0.0.20)

GEM
  remote: https://rubygems.org/
  specs:
    diff-lcs (1.2.5)
    insist (1.0.0)
    rspec (3.1.0)
      rspec-core (~> 3.1.0)
      rspec-expectations (~> 3.1.0)
      rspec-mocks (~> 3.1.0)
    rspec-core (3.1.7)
      rspec-support (~> 3.1.0)
    rspec-expectations (3.1.2)
      diff-lcs (>= 1.2.0, < 2.0)
      rspec-support (~> 3.1.0)
    rspec-mocks (3.1.3)
      rspec-support (~> 3.1.0)
    rspec-support (3.1.2)
    stud (0.0.18)

PLATFORMS
  ruby

DEPENDENCIES
  insist
  jls-lumberjack!
  rspec
  stud
