GEM
  remote: http://rubygems.org/
  specs:
    atomic (1.1.15)
    atomic (1.1.15-java)
    avl_tree (1.1.3)
    bouncy-castle-java (1.5.0147)
    diff-lcs (1.2.5)
    ffi (1.9.3)
    ffi (1.9.3-java)
    hitimes (1.2.1)
    hitimes (1.2.1-java)
    insist (1.0.0)
    jruby-openssl (0.9.4)
      bouncy-castle-java (>= 1.5.0147)
    metriks (0.9.9.6)
      atomic (~> 1.0)
      avl_tree (~> 1.1.2)
      hitimes (~> 1.1)
    rspec (2.14.1)
      rspec-core (~> 2.14.0)
      rspec-expectations (~> 2.14.0)
      rspec-mocks (~> 2.14.0)
    rspec-core (2.14.8)
    rspec-expectations (2.14.5)
      diff-lcs (>= 1.1.3, < 2.0)
    rspec-mocks (2.14.6)
    stud (0.0.17)
      ffi
      metriks

PLATFORMS
  java
  ruby

DEPENDENCIES
  insist
  jruby-openssl
  rspec
  stud
