GEM
  remote: https://rubygems.org/
  specs:
    bouncy-castle-java (1.5.0146.1)
    diff-lcs (1.1.3)
    insist (0.0.6)
    jruby-openssl (0.7.7)
      bouncy-castle-java (>= 1.5.0146.1)
    rspec (2.11.0)
      rspec-core (~> 2.11.0)
      rspec-expectations (~> 2.11.0)
      rspec-mocks (~> 2.11.0)
    rspec-core (2.11.1)
    rspec-expectations (2.11.2)
      diff-lcs (~> 1.1.3)
    rspec-mocks (2.11.2)
    stud (0.0.5)

PLATFORMS
  java
  ruby

DEPENDENCIES
  insist
  jruby-openssl
  rspec
  stud
