GEM
  remote: https://rubygems.org/
  specs:
    arr-pm (0.0.9)
      cabin (> 0)
    backports (3.6.4)
    cabin (0.7.1)
    childprocess (0.5.5)
      ffi (~> 1.0, >= 1.0.11)
    clamp (0.6.4)
    diff-lcs (1.2.5)
    ffi (1.9.6)
    ffi (1.9.6-java)
    fpm (1.3.3)
      arr-pm (~> 0.0.9)
      backports (>= 2.6.2)
      cabin (>= 0.6.0)
      childprocess
      clamp (~> 0.6)
      ffi
      json (>= 1.7.7)
    insist (1.0.0)
    jruby-openssl (0.9.6-java)
    json (1.8.2)
    json (1.8.2-java)
    mustache (0.99.8)
    pleaserun (0.0.12)
      cabin (> 0)
      clamp
      insist
      mustache (= 0.99.8)
      stud
    rspec (3.2.0)
      rspec-core (~> 3.2.0)
      rspec-expectations (~> 3.2.0)
      rspec-mocks (~> 3.2.0)
    rspec-core (3.2.1)
      rspec-support (~> 3.2.0)
    rspec-expectations (3.2.0)
      diff-lcs (>= 1.2.0, < 2.0)
      rspec-support (~> 3.2.0)
    rspec-mocks (3.2.1)
      diff-lcs (>= 1.2.0, < 2.0)
      rspec-support (~> 3.2.0)
    rspec-support (3.2.2)
    stud (0.0.19)

PLATFORMS
  java
  ruby

DEPENDENCIES
  fpm
  insist
  jruby-openssl
  pleaserun
  rspec
  stud
